GEM
  remote: http://rubygems.org/
  specs:
    chunky_png (1.2.5)

PLATFORMS
  x86-mingw32

DEPENDENCIES
  chunky_png
